GEM
  remote: https://rubygems.org/
  specs:
    flickraw (0.9.8)

PLATFORMS
  ruby

DEPENDENCIES
  flickraw
